GEM
  remote: https://rubygems.org/
  specs:
    bibtex-ruby (4.4.7)
      latex-decode (~> 0.0)
    citeproc (1.0.9)
      namae (~> 1.0)
    citeproc-ruby (1.1.10)
      citeproc (~> 1.0, >= 1.0.9)
      csl (~> 1.5)
    csl (1.5.0)
      namae (~> 1.0)
    csl-styles (1.0.1.9)
      csl (~> 1.0)
    latex-decode (0.3.1)
    mustache (1.1.0)
    namae (1.0.1)

PLATFORMS
  ruby

DEPENDENCIES
  bibtex-ruby
  citeproc
  citeproc-ruby
  csl-styles
  mustache

BUNDLED WITH
   2.2.22
