GEM
  remote: https://rubygems.org/
  specs:
    bibtex-ruby (6.1.0)
      latex-decode (~> 0.0)
      racc (~> 1.7)
    citeproc (1.0.10)
      namae (~> 1.0)
    citeproc-ruby (2.0.0)
      citeproc (~> 1.0, >= 1.0.9)
      csl (~> 2.0)
    csl (2.0.0)
      namae (~> 1.0)
      rexml
    csl-styles (2.0.1)
      csl (~> 2.0)
    latex-decode (0.4.0)
    mustache (1.1.1)
    namae (1.2.0)
      racc (~> 1.7)
    racc (1.7.3)
    rexml (3.2.6)

PLATFORMS
  ruby

DEPENDENCIES
  bibtex-ruby
  citeproc
  citeproc-ruby
  csl-styles
  mustache

BUNDLED WITH
   2.4.19
